PATH
  remote: .
  specs:
    dragonfly_puppeteer (0.1.0)
      dragonfly (~> 1.0)

GEM
  remote: https://rubygems.org/
  specs:
    addressable (2.5.2)
      public_suffix (>= 2.0.2, < 4.0)
    dragonfly (1.1.5)
      addressable (~> 2.3)
      multi_json (~> 1.0)
      rack (>= 1.3)
    minitest (5.11.3)
    multi_json (1.13.1)
    public_suffix (3.0.2)
    rack (2.0.5)
    rake (10.5.0)

PLATFORMS
  ruby

DEPENDENCIES
  bundler (~> 1.16)
  dragonfly_puppeteer!
  minitest (~> 5.0)
  rake (~> 10.0)

BUNDLED WITH
   1.16.0
